NUGET
  remote: http://nuget.org/api/v2
  specs:
    FSharp.Core (4.0.0.1)
    MahApps.Metro (1.1.2)
    Newtonsoft.Json (7.0.1)
    Paket.Core (2.23.0)
      FSharp.Core
      Newtonsoft.Json
    reactiveui (6.5.0)
      reactiveui-core (6.5.0)
    reactiveui-core (6.5.0)
      Rx-Main (>= 2.2.5)
      Rx-WinRT (>= 2.2.5) - framework: winv4.5, wpv8.0, portable-win81+wpa81
      Rx-Xaml (>= 2.2.5) - framework: winv4.5, wpv8.0, portable-win81+wpa81, >= net45
      Splat (>= 1.0 < 2.0)
    reactiveui-events (6.5.0)
      Rx-Main (>= 2.2.5)
    Rx-Core (2.2.5) - framework: winv4.5, wpv8.0, portable-win81+wpa81, >= net45
      Rx-Interfaces (>= 2.2.5)
    Rx-Interfaces (2.2.5) - framework: winv4.5, wpv8.0, portable-win81+wpa81, >= net45
    Rx-Linq (2.2.5) - framework: winv4.5, wpv8.0, portable-win81+wpa81, >= net45
      Rx-Core (>= 2.2.5)
      Rx-Interfaces (>= 2.2.5)
    Rx-Main (2.2.5) - framework: winv4.5, wpv8.0, portable-win81+wpa81, >= net45
      Rx-Core (>= 2.2.5)
      Rx-Interfaces (>= 2.2.5)
      Rx-Linq (>= 2.2.5)
      Rx-PlatformServices (>= 2.2.5)
    Rx-PlatformServices (2.2.5) - framework: winv4.5, wpv8.0, portable-win81+wpa81, >= net45
      Rx-Core (>= 2.2.5)
      Rx-Interfaces (>= 2.2.5)
    Rx-WinRT (2.2.5) - framework: winv4.5, wpv8.0, portable-win81+wpa81
      Rx-Main (>= 2.2.5)
    Rx-Xaml (2.2.5) - framework: winv4.5, wpv8.0, portable-win81+wpa81, >= net45
      Rx-Main (>= 2.2.5)
    Splat (1.6.2)
    VSSDK.ComponentModelHost (11.0.4) - copy_local: false
      VSSDK.IDE.11 (>= 11.0.4 < 12.0.0)
    VSSDK.ComponentModelHost.11 (11.0.4) - copy_local: false
      VSSDK.ComponentModelHost (>= 11.0.4 < 12.0.0)
      VSSDK.IDE.11 (>= 11.0.4 < 12.0.0)
    VSSDK.CoreUtility (11.0.4) - copy_local: false
      VSSDK.IDE.11 (>= 11.0.4 < 12.0.0)
    VSSDK.CoreUtility.11 (11.0.4) - copy_local: false
      VSSDK.CoreUtility (>= 11.0.4 < 12.0.0)
      VSSDK.IDE.11 (>= 11.0.4 < 12.0.0)
    VSSDK.DTE (7.0.4) - copy_local: false
      VSSDK.IDE (>= 7.0.4 < 8.0.0)
    VSSDK.DTE.10 (10.0.4) - copy_local: false
      VSSDK.DTE (>= 7.0.4 < 8.0.0)
      VSSDK.DTE.8 (>= 8.0.4 < 9.0.0)
      VSSDK.DTE.9 (>= 9.0.4 < 10.0.0)
      VSSDK.IDE.10 (>= 10.0.4 < 11.0.0)
    VSSDK.DTE.8 (8.0.4) - copy_local: false
      VSSDK.DTE (>= 7.0.4 < 8.0.0)
      VSSDK.IDE.8 (>= 8.0.4 < 9.0.0)
    VSSDK.DTE.9 (9.0.4) - copy_local: false
      VSSDK.DTE (>= 7.0.4 < 8.0.0)
      VSSDK.DTE.8 (>= 8.0.4 < 9.0.0)
      VSSDK.IDE.9 (>= 9.0.4 < 10.0.0)
    VSSDK.Editor (11.0.4) - copy_local: false
      VSSDK.CoreUtility (>= 11.0.4)
      VSSDK.IDE.11 (>= 11.0.4 < 12.0.0)
      VSSDK.OLE.Interop (>= 7.0.4 < 8.0.0)
      VSSDK.Text (>= 11.0.4)
      VSSDK.TextManager.Interop (>= 7.0.4 < 8.0.0)
      VSSDK.TextManager.Interop.8 (>= 8.0.4 < 9.0.0)
    VSSDK.Editor.11 (11.0.4) - copy_local: false
      VSSDK.CoreUtility.11 (>= 11.0.4 < 12.0.0)
      VSSDK.Editor (>= 11.0.4 < 12.0.0)
      VSSDK.IDE.11 (>= 11.0.4 < 12.0.0)
      VSSDK.Text.11 (>= 11.0.4 < 12.0.0)
    VSSDK.GraphModel (11.0.4) - copy_local: false
      VSSDK.IDE.11 (>= 11.0.4 < 12.0.0)
    VSSDK.GraphModel.11 (11.0.4) - copy_local: false
      VSSDK.GraphModel (>= 11.0.4 < 12.0.0)
      VSSDK.IDE.11 (>= 11.0.4 < 12.0.0)
    VSSDK.IDE (7.0.4) - copy_local: false
    VSSDK.IDE.10 (10.0.4) - copy_local: false
    VSSDK.IDE.11 (11.0.4) - copy_local: false
    VSSDK.IDE.8 (8.0.4) - copy_local: false
    VSSDK.IDE.9 (9.0.4) - copy_local: false
    VSSDK.Language (11.0.4) - copy_local: false
      VSSDK.CoreUtility (>= 11.0.4)
      VSSDK.IDE.11 (>= 11.0.4 < 12.0.0)
      VSSDK.Text (>= 11.0.4)
    VSSDK.Language.11 (11.0.4) - copy_local: false
      VSSDK.CoreUtility.11 (>= 11.0.4 < 12.0.0)
      VSSDK.IDE.11 (>= 11.0.4 < 12.0.0)
      VSSDK.Language (>= 11.0.4 < 12.0.0)
      VSSDK.Text.11 (>= 11.0.4 < 12.0.0)
    VSSDK.OLE.Interop (7.0.4) - copy_local: false
      VSSDK.IDE (>= 7.0.4 < 8.0.0)
    VSSDK.Shell.11 (11.0.4) - copy_local: false
      VSSDK.DTE (>= 7.0.4 < 8.0.0)
      VSSDK.IDE.11 (>= 11.0.4 < 12.0.0)
      VSSDK.OLE.Interop (>= 7.0.4 < 8.0.0)
      VSSDK.Shell.Immutable.10 (>= 10.0.4 < 11.0.0)
      VSSDK.Shell.Immutable.11 (>= 11.0.4 < 12.0.0)
      VSSDK.Shell.Interop (>= 7.0.4 < 8.0.0)
      VSSDK.Shell.Interop.11 (>= 11.0.4 < 12.0.0)
      VSSDK.Shell.Interop.8 (>= 8.0.4 < 9.0.0)
      VSSDK.Shell.Interop.9 (>= 9.0.4 < 10.0.0)
      VSSDK.TextManager.Interop (>= 7.0.4 < 8.0.0)
    VSSDK.Shell.Immutable.10 (10.0.4) - copy_local: false
      VSSDK.IDE.10 (>= 10.0.4 < 11.0.0)
    VSSDK.Shell.Immutable.11 (11.0.4) - copy_local: false
      VSSDK.GraphModel (>= 11.0.4)
      VSSDK.IDE.11 (>= 11.0.4 < 12.0.0)
      VSSDK.OLE.Interop (>= 7.0.4 < 8.0.0)
      VSSDK.Shell.Interop (>= 7.0.4 < 8.0.0)
    VSSDK.Shell.Interop (7.0.4) - copy_local: false
      VSSDK.IDE (>= 7.0.4 < 8.0.0)
      VSSDK.OLE.Interop (>= 7.0.4 < 8.0.0)
      VSSDK.TextManager.Interop (>= 7.0.4 < 8.0.0)
    VSSDK.Shell.Interop.10 (10.0.4) - copy_local: false
      VSSDK.IDE.10 (>= 10.0.4 < 11.0.0)
      VSSDK.OLE.Interop (>= 7.0.4 < 8.0.0)
      VSSDK.Shell.Interop.8 (>= 8.0.4 < 9.0.0)
      VSSDK.Shell.Interop.9 (>= 9.0.4 < 10.0.0)
    VSSDK.Shell.Interop.11 (11.0.4) - copy_local: false
      VSSDK.IDE.11 (>= 11.0.4 < 12.0.0)
      VSSDK.OLE.Interop (>= 7.0.4 < 8.0.0)
      VSSDK.Shell.Interop (>= 7.0.4 < 8.0.0)
      VSSDK.Shell.Interop.10 (>= 10.0.4 < 11.0.0)
      VSSDK.Shell.Interop.8 (>= 8.0.4 < 9.0.0)
      VSSDK.Shell.Interop.9 (>= 9.0.4 < 10.0.0)
    VSSDK.Shell.Interop.8 (8.0.4) - copy_local: false
      VSSDK.IDE.8 (>= 8.0.4 < 9.0.0)
      VSSDK.OLE.Interop (>= 7.0.4 < 8.0.0)
      VSSDK.Shell.Interop (>= 7.0.4 < 8.0.0)
      VSSDK.TextManager.Interop (>= 7.0.4 < 8.0.0)
      VSSDK.TextManager.Interop.8 (>= 8.0.4 < 9.0.0)
    VSSDK.Shell.Interop.9 (9.0.4) - copy_local: false
      VSSDK.IDE.9 (>= 9.0.4 < 10.0.0)
      VSSDK.OLE.Interop (>= 7.0.4 < 8.0.0)
      VSSDK.Shell.Interop.8 (>= 8.0.4 < 9.0.0)
      VSSDK.TextManager.Interop (>= 7.0.4 < 8.0.0)
    VSSDK.Text (11.0.4) - copy_local: false
      VSSDK.CoreUtility (>= 11.0.4)
      VSSDK.IDE.11 (>= 11.0.4 < 12.0.0)
    VSSDK.Text.11 (11.0.4) - copy_local: false
      VSSDK.CoreUtility.11 (>= 11.0.4 < 12.0.0)
      VSSDK.IDE.11 (>= 11.0.4 < 12.0.0)
      VSSDK.Text (>= 11.0.4 < 12.0.0)
    VSSDK.TextManager.Interop (7.0.4) - copy_local: false
      VSSDK.IDE (>= 7.0.4 < 8.0.0)
      VSSDK.OLE.Interop (>= 7.0.4 < 8.0.0)
    VSSDK.TextManager.Interop.8 (8.0.4) - copy_local: false
      VSSDK.IDE.8 (>= 8.0.4 < 9.0.0)
      VSSDK.OLE.Interop (>= 7.0.4 < 8.0.0)
      VSSDK.Shell.Interop (>= 7.0.4 < 8.0.0)
      VSSDK.TextManager.Interop (>= 7.0.4 < 8.0.0)

GROUP Build
NUGET
  remote: http://nuget.org/api/v2
  specs:
    canopy (0.9.40)
      FSharp.Core (>= 3.0.2)
      Selenium.Support (2.48.0)
      Selenium.WebDriver (2.48.0)
      SizSelCsZzz (0.3.36.0)
    FAKE (4.8.0)
    FSharp.Compiler.Service (1.4.0.6)
    FSharp.Core (4.0.0.1)
    FSharp.Formatting (2.12.0)
      FSharp.Compiler.Service (1.4.0.6)
      FSharpVSPowerTools.Core (2.1.0)
    FSharpVSPowerTools.Core (2.1.0)
      FSharp.Compiler.Service (>= 1.4.0.6)
    ILRepack (2.0.8)
    Microsoft.Bcl (1.1.10)
      Microsoft.Bcl.Build (>= 1.0.14)
    Microsoft.Bcl.Build (1.0.21) - import_targets: false
    Microsoft.Net.Http (2.2.29)
      Microsoft.Bcl (>= 1.1.10)
      Microsoft.Bcl.Build (>= 1.0.14)
    Newtonsoft.Json (7.0.1)
    Octokit (0.16.0)
      Microsoft.Net.Http
    Selenium.Support (2.48.0)
      Selenium.WebDriver (>= 2.48.0)
    Selenium.WebDriver (2.48.0)
    Selenium.WebDriver.ChromeDriver (2.20.0)
    SizSelCsZzz (0.3.36.0)
      Newtonsoft.Json (>= 6.0)
      Selenium.Support (>= 2.40)
      Selenium.WebDriver (>= 2.40)
GITHUB
  remote: fsharp/FAKE
  specs:
    modules/Octokit/Octokit.fsx (545fb5d2cc7901bcbfd8f7f1a53da8f7f169deda)
      Octokit